GEM
  remote: https://rubygems.org/
  specs:
    curb (0.8.8)
    json (1.8.3)

PLATFORMS
  ruby

DEPENDENCIES
  curb
  json
